GEM
  remote: https://rubygems.org/
  specs:
    blankslate (3.1.3)
    coderay (1.1.0)
    diff-lcs (1.2.5)
    method_source (0.8.2)
    parslet (1.7.0)
      blankslate (>= 2.0, <= 4.0)
    pry (0.10.1)
      coderay (~> 1.1.0)
      method_source (~> 0.8.1)
      slop (~> 3.4)
    rspec (2.99.0)
      rspec-core (~> 2.99.0)
      rspec-expectations (~> 2.99.0)
      rspec-mocks (~> 2.99.0)
    rspec-core (2.99.2)
    rspec-expectations (2.99.2)
      diff-lcs (>= 1.1.3, < 2.0)
    rspec-mocks (2.99.4)
    slop (3.6.0)

PLATFORMS
  ruby

DEPENDENCIES
  parslet (= 1.7)
  pry
  rspec (= 2.99)

BUNDLED WITH
   1.10.6
